GEM
  remote: https://rubygems.org/
  specs:
    activesupport (7.0.4)
      concurrent-ruby (~> 1.0, >= 1.0.2)
      i18n (>= 1.6, < 2)
      minitest (>= 5.1)
      tzinfo (~> 2.0)
    aes_key_wrap (1.1.0)
    bindata (2.4.13)
    concurrent-ruby (1.1.10)
    dotenv (2.8.1)
    faraday (2.6.0)
      faraday-net_http (>= 2.0, < 3.1)
      ruby2_keywords (>= 0.0.4)
    faraday-follow_redirects (0.3.0)
      faraday (>= 1, < 3)
    faraday-net_http (3.0.1)
    i18n (1.12.0)
      concurrent-ruby (~> 1.0)
    json-jwt (1.16.1)
      activesupport (>= 4.2)
      aes_key_wrap
      bindata
      faraday (~> 2.0)
      faraday-follow_redirects
    minitest (5.16.3)
    mustermann (3.0.0)
      ruby2_keywords (~> 0.0.1)
    nio4r (2.5.8)
    puma (6.0.0)
      nio4r (~> 2.0)
    rack (2.2.4)
    rack-protection (3.0.2)
      rack
    ruby2_keywords (0.0.5)
    sinatra (3.0.2)
      mustermann (~> 3.0)
      rack (~> 2.2, >= 2.2.4)
      rack-protection (= 3.0.2)
      tilt (~> 2.0)
    tilt (2.0.11)
    tzinfo (2.0.5)
      concurrent-ruby (~> 1.0)

PLATFORMS
  ruby

DEPENDENCIES
  dotenv
  json-jwt
  puma
  sinatra

BUNDLED WITH
   2.1.4
